GEM
  specs:

GEM
  remote: https://rubygems.org/
  specs:
    childprocess (4.1.0)
    fastimage (2.2.6)
    mini_portile2 (2.8.0)
    nokogiri (1.13.9)
      mini_portile2 (~> 2.8.0)
      racc (~> 1.4)
    prawn (0.8.4)
      prawn-core (>= 0.8.4, < 0.9)
      prawn-layout (>= 0.8.4, < 0.9)
      prawn-security (>= 0.8.4, < 0.9)
    prawn-core (0.8.4)
    prawn-layout (0.8.4)
    prawn-security (0.8.4)
    prawn-table (0.2.1)
    racc (1.6.0)
    rexml (3.2.5)
    rubyzip (1.2.2)
    selenium-webdriver (4.5.0)
      childprocess (>= 0.5, < 5.0)
      rexml (~> 3.2, >= 3.2.5)
      rubyzip (>= 1.2.2, < 3.0)
      websocket (~> 1.0)
    squid (0.0.0)
    websocket (1.2.9)

PLATFORMS
  ruby

DEPENDENCIES
  fastimage!
  nokogiri!
  prawn!
  prawn-table!
  selenium-webdriver!
  squid!

BUNDLED WITH
   2.0.1
